PATH
  remote: .
  specs:
    zurb-foundation (4.2.1)
      sass (>= 3.2.0)

GEM
  remote: https://rubygems.org/
  specs:
    rake (13.0.1)
    sass (3.2.7)

PLATFORMS
  ruby
  x86-mingw32

DEPENDENCIES
  rake
  zurb-foundation!
